GIT
  remote: git://github.com/rails/activerecord-session_store.git
  revision: 1cc0daf77d542045da4f6a43cba9ce04c27453dd
  specs:
    activerecord-session_store (0.1.1)
      actionpack (>= 4.0.0, < 5)
      activerecord (>= 4.0.0, < 5)
      railties (>= 4.0.0, < 5)

GEM
  remote: https://rubygems.org/
  specs:
    actionmailer (4.1.0.beta1)
      actionpack (= 4.1.0.beta1)
      actionview (= 4.1.0.beta1)
      mail (~> 2.5.4)
    actionpack (4.1.0.beta1)
      actionview (= 4.1.0.beta1)
      activesupport (= 4.1.0.beta1)
      rack (~> 1.5.2)
      rack-test (~> 0.6.2)
    actionview (4.1.0.beta1)
      activesupport (= 4.1.0.beta1)
      builder (~> 3.1)
      erubis (~> 2.7.0)
    activemodel (4.1.0.beta1)
      activesupport (= 4.1.0.beta1)
      builder (~> 3.1)
    activerecord (4.1.0.beta1)
      activemodel (= 4.1.0.beta1)
      activesupport (= 4.1.0.beta1)
      arel (~> 5.0.0)
    activesupport (4.1.0.beta1)
      i18n (~> 0.6, >= 0.6.9)
      json (~> 1.7, >= 1.7.7)
      minitest (~> 5.1)
      thread_safe (~> 0.1)
      tzinfo (~> 1.1)
    addressable (2.3.6)
    airbrake (4.1.0)
      builder
      multi_json
    arel (5.0.1.20140414130214)
    attr_required (1.0.0)
    bcrypt (3.1.9)
    buftok (0.2.0)
    builder (3.2.2)
    climate_control (0.0.3)
      activesupport (>= 3.0)
    cocaine (0.5.7)
      climate_control (>= 0.0.3, < 1.0)
    coffee-rails (4.0.1)
      coffee-script (>= 2.2.0)
      railties (>= 4.0.0, < 5.0)
    coffee-script (2.3.0)
      coffee-script-source
      execjs
    coffee-script-source (1.8.0)
    curb (0.8.6)
    devise (3.4.1)
      bcrypt (~> 3.0)
      orm_adapter (~> 0.1)
      railties (>= 3.2.6, < 5)
      responders
      thread_safe (~> 0.1)
      warden (~> 1.2.3)
    equalizer (0.0.9)
    erubis (2.7.0)
    execjs (2.2.2)
    faraday (0.9.0)
      multipart-post (>= 1.2, < 3)
    faraday_middleware (0.9.1)
      faraday (>= 0.7.4, < 0.10)
    fb_graph (2.7.17)
      httpclient (>= 2.4)
      multi_json (>= 1.3)
      rack-oauth2 (>= 0.14.4)
      tzinfo
    feedjira (1.5.0)
      curb (~> 0.8)
      loofah (~> 2.0)
      sax-machine (~> 1.0)
    hashie (3.3.1)
    hike (1.2.3)
    http (0.6.3)
      http_parser.rb (~> 0.6.0)
    http_parser.rb (0.6.0)
    httpclient (2.6.0.1)
    i18n (0.6.11)
    jbuilder (1.5.3)
      activesupport (>= 3.0.0)
      multi_json (>= 1.2.0)
    jquery-rails (3.1.2)
      railties (>= 3.0, < 5.0)
      thor (>= 0.14, < 2.0)
    json (1.8.1)
    jwt (1.0.0)
    libxml-ruby (2.8.0)
    loofah (2.0.1)
      nokogiri (>= 1.5.9)
    mail (2.5.4)
      mime-types (~> 1.16)
      treetop (~> 1.4.8)
    memoizable (0.4.2)
      thread_safe (~> 0.3, >= 0.3.1)
    mime-types (1.25.1)
    mini_portile (0.6.1)
    minitest (5.4.3)
    multi_json (1.10.1)
    multi_xml (0.5.5)
    multipart-post (2.0.0)
    mysql2 (0.3.17)
    naught (1.0.0)
    nokogiri (1.6.4.1)
      mini_portile (~> 0.6.0)
    oauth (0.4.7)
    oauth2 (1.0.0)
      faraday (>= 0.8, < 0.10)
      jwt (~> 1.0)
      multi_json (~> 1.3)
      multi_xml (~> 0.5)
      rack (~> 1.2)
    omniauth (1.2.2)
      hashie (>= 1.2, < 4)
      rack (~> 1.0)
    omniauth-facebook (2.0.0)
      omniauth-oauth2 (~> 1.2)
    omniauth-instagram (1.0.1)
      omniauth (~> 1.0)
      omniauth-oauth2 (~> 1.0)
    omniauth-oauth (1.0.1)
      oauth
      omniauth (~> 1.0)
    omniauth-oauth2 (1.2.0)
      faraday (>= 0.8, < 0.10)
      multi_json (~> 1.3)
      oauth2 (~> 1.0)
      omniauth (~> 1.2)
    omniauth-tumblr (1.1)
      omniauth-oauth (~> 1.0)
    omniauth-twitter (1.1.0)
      multi_json (~> 1.3)
      omniauth-oauth (~> 1.0)
    orm_adapter (0.5.0)
    paperclip (3.5.4)
      activemodel (>= 3.0.0)
      activesupport (>= 3.0.0)
      cocaine (~> 0.5.3)
      mime-types
    pg (0.18.4)
    polyglot (0.3.5)
    rack (1.5.2)
    rack-oauth2 (1.0.9)
      activesupport (>= 2.3)
      attr_required (>= 0.0.5)
      httpclient (>= 2.4)
      multi_json (>= 1.3.6)
      rack (>= 1.1)
    rack-test (0.6.2)
      rack (>= 1.0)
    rails (4.1.0.beta1)
      actionmailer (= 4.1.0.beta1)
      actionpack (= 4.1.0.beta1)
      actionview (= 4.1.0.beta1)
      activemodel (= 4.1.0.beta1)
      activerecord (= 4.1.0.beta1)
      activesupport (= 4.1.0.beta1)
      bundler (>= 1.3.0, < 2.0)
      railties (= 4.1.0.beta1)
      sprockets-rails (~> 2.0.0)
    rails_12factor (0.0.3)
      rails_serve_static_assets
      rails_stdout_logging
    rails_serve_static_assets (0.0.4)
    rails_stdout_logging (0.0.3)
    railties (4.1.0.beta1)
      actionpack (= 4.1.0.beta1)
      activesupport (= 4.1.0.beta1)
      rake (>= 0.8.7)
      thor (>= 0.18.1, < 2.0)
    rake (10.3.2)
    rdoc (4.1.2)
      json (~> 1.4)
    rename (1.0.2)
      rails (>= 3.0.0)
    responders (1.1.2)
      railties (>= 3.2, < 4.2)
    sass (3.2.19)
    sass-rails (4.0.4)
      railties (>= 4.0.0, < 5.0)
      sass (~> 3.2.2)
      sprockets (~> 2.8, < 2.12)
      sprockets-rails (~> 2.0)
    sax-machine (1.0.3)
    sdoc (0.4.1)
      json (~> 1.7, >= 1.7.7)
      rdoc (~> 4.0)
    semantics3 (0.04)
      json (~> 1.8, >= 1.8.1)
      oauth (~> 0.4, >= 0.4.6)
    simple_oauth (0.3.1)
    spring (1.1.3)
    sprockets (2.11.3)
      hike (~> 1.2)
      multi_json (~> 1.0)
      rack (~> 1.0)
      tilt (~> 1.1, != 1.3.0)
    sprockets-rails (2.0.1)
      actionpack (>= 3.0)
      activesupport (>= 3.0)
      sprockets (~> 2.8)
    thor (0.19.1)
    thread_safe (0.3.4)
    tilt (1.4.1)
    tlsmail (0.0.1)
    treetop (1.4.15)
      polyglot
      polyglot (>= 0.3.1)
    tumblr_client (0.8.5)
      faraday (~> 0.9.0)
      faraday_middleware (~> 0.9.0)
      json
      mime-types
      oauth
      simple_oauth
    turbolinks (2.5.2)
      coffee-rails
    twitter (5.13.0)
      addressable (~> 2.3)
      buftok (~> 0.2.0)
      equalizer (~> 0.0.9)
      faraday (~> 0.9.0)
      http (~> 0.6.0)
      http_parser.rb (~> 0.6.0)
      json (~> 1.8)
      memoizable (~> 0.4.0)
      naught (~> 1.0)
      simple_oauth (~> 0.3.0)
    tzinfo (1.2.2)
      thread_safe (~> 0.1)
    uglifier (2.5.3)
      execjs (>= 0.3.0)
      json (>= 1.8.0)
    uuidtools (2.1.5)
    warden (1.2.3)
      rack (>= 1.0)

PLATFORMS
  ruby

DEPENDENCIES
  activerecord-session_store!
  airbrake
  coffee-rails
  devise
  fb_graph
  feedjira
  jbuilder (~> 1.2)
  jquery-rails
  libxml-ruby
  mysql2
  omniauth-facebook
  omniauth-instagram
  omniauth-tumblr
  omniauth-twitter
  paperclip (~> 3.5.3)
  pg
  rails (= 4.1.0.beta1)
  rails_12factor
  rename
  sass-rails
  sdoc
  semantics3
  spring
  sprockets-rails
  tlsmail
  tumblr_client
  turbolinks
  twitter
  uglifier (>= 1.0.3)
  uuidtools
